GEM
  remote: https://rubygems.org/
  specs:
    addressable (2.3.7)
    cuba (3.4.0)
      rack
    dotenv (2.0.0)
    faraday (0.9.1)
      multipart-post (>= 1.2, < 3)
    foreman (0.78.0)
      thor (~> 0.19.1)
    kgio (2.9.3)
    koala (1.11.1)
      addressable
      faraday
      multi_json
    multi_json (1.11.0)
    multipart-post (2.0.0)
    pg (0.18.1)
    rack (1.6.0)
    raindrops (0.13.0)
    rake (10.4.2)
    thor (0.19.1)
    unicorn (4.8.3)
      kgio (~> 2.6)
      rack
      raindrops (~> 0.7)

PLATFORMS
  ruby

DEPENDENCIES
  cuba
  dotenv
  foreman
  koala
  pg
  rake
  unicorn
